PATH
  remote: .
  specs:
    pub_grub (0.5.0)

GEM
  remote: https://rubygems.org/
  specs:
    logger (1.6.6)
    minitest (5.25.4)
    minitest-stackprof (0.2.0)
      minitest (>= 5.0)
      stackprof (>= 0.2.7)
    rake (13.2.1)
    stackprof (0.2.21)

PLATFORMS
  ruby

DEPENDENCIES
  bundler (~> 2.0)
  logger (~> 1.6)
  minitest (~> 5.0)
  minitest-stackprof
  pub_grub!
  rake (~> 13.0)
  stackprof (~> 0.2.12)

CHECKSUMS
  logger (1.6.6) sha256=dd618d24e637715472732e7eed02e33cfbdf56deaad225edd0f1f89d38024017
  minitest (5.25.4) sha256=9cf2cae25ac4dfc90c988ebc3b917f53c054978b673273da1bd20bcb0778f947
  minitest-stackprof (0.2.0) sha256=0b713cdb354ad0221cc61e6044595e1ffdea854505a5e0bd2284fe1d154838a8
  pub_grub (0.5.0)
  rake (13.2.1) sha256=46cb38dae65d7d74b6020a4ac9d48afed8eb8149c040eccf0523bec91907059d
  stackprof (0.2.21) sha256=2b6406c55dc2e134b2789c4cc631d96e67da87821a166f4ae12f15bec5cff5ae

BUNDLED WITH
   2.6.4
